GIT
  remote: http://github.com/archiloque/rest-client.git
  revision: a2476327af1130c05c9b247846e86dd9e478b45c
  specs:
    rest-client (1.6.3)
      mime-types (>= 1.16)

GIT
  remote: http://github.com/bblimke/webmock.git
  revision: 81a3563a4600c0a26aee0a4fa7d3da6757886571
  specs:
    webmock (1.7.1)
      addressable (~> 2.2, > 2.2.5)
      crack (>= 0.1.7)

GIT
  remote: http://github.com/myronmarston/vcr.git
  revision: 2054ceecc5b87c5165d7cc2d3d30e857a8509f6e
  specs:
    vcr (1.10.3)

GEM
  remote: http://rubygems.org/
  specs:
    ZenTest (4.6.1)
    activemodel (3.1.0.rc5)
      activesupport (= 3.1.0.rc5)
      bcrypt-ruby (~> 2.1.4)
      builder (~> 3.0.0)
      i18n (~> 0.6)
    activeresource (3.1.0.rc5)
      activemodel (= 3.1.0.rc5)
      activesupport (= 3.1.0.rc5)
    activesupport (3.1.0.rc5)
      multi_json (~> 1.0)
    addressable (2.2.6)
    autotest (4.4.6)
      ZenTest (>= 4.4.1)
    bcrypt-ruby (2.1.4)
    builder (3.0.0)
    columnize (0.3.4)
    crack (0.1.8)
    diff-lcs (1.1.2)
    growl-glue (1.0.7)
    i18n (0.6.0)
    linecache (0.46)
      rbx-require-relative (> 0.0.4)
    mime-types (1.16)
    multi_json (1.0.3)
    nokogiri (1.5.0)
    rake (0.9.2)
    rbx-require-relative (0.0.5)
    rspec (2.6.0)
      rspec-core (~> 2.6.0)
      rspec-expectations (~> 2.6.0)
      rspec-mocks (~> 2.6.0)
    rspec-core (2.6.4)
    rspec-expectations (2.6.0)
      diff-lcs (~> 1.1.2)
    rspec-mocks (2.6.0)
    ruby-debug (0.10.4)
      columnize (>= 0.1)
      ruby-debug-base (~> 0.10.4.0)
    ruby-debug-base (0.10.4)
      linecache (>= 0.3)

PLATFORMS
  ruby

DEPENDENCIES
  activeresource (>= 3.1.0.rc5)
  addressable (>= 2.2.1)
  autotest
  growl-glue
  nokogiri
  rake
  rest-client!
  rspec (>= 2.0.0)
  ruby-debug
  vcr!
  webmock!
